PATH
  remote: .
  specs:
    vcc-system-api-client (0.1.1)
      addressable (~> 2.3)
      colorize (~> 0.7)
      faraday (~> 0.9)
      json (~> 1.8)

GEM
  remote: https://rubygems.org/
  specs:
    addressable (2.3.7)
    colorize (0.7.5)
    diff-lcs (1.2.5)
    faraday (0.9.1)
      multipart-post (>= 1.2, < 3)
    json (1.8.2)
    multipart-post (2.0.0)
    rspec (3.2.0)
      rspec-core (~> 3.2.0)
      rspec-expectations (~> 3.2.0)
      rspec-mocks (~> 3.2.0)
    rspec-core (3.2.1)
      rspec-support (~> 3.2.0)
    rspec-expectations (3.2.0)
      diff-lcs (>= 1.2.0, < 2.0)
      rspec-support (~> 3.2.0)
    rspec-mocks (3.2.1)
      diff-lcs (>= 1.2.0, < 2.0)
      rspec-support (~> 3.2.0)
    rspec-support (3.2.2)

PLATFORMS
  ruby

DEPENDENCIES
  rspec (~> 3.2)
  vcc-system-api-client!
